GEM
  remote: https://rubygems.org/
  specs:
    citrus (3.0.2)
    toml-rb (0.3.8)
      citrus (~> 3.0, > 3.0)

PLATFORMS
  ruby

DEPENDENCIES
  toml-rb

BUNDLED WITH
   1.10.6
